GEM
  remote: https://rubygems.org/
  specs:
    byebug (11.0.1)
    connection_pool (2.2.2)
    daemons (1.3.1)
    diff-lcs (1.3)
    eventmachine (1.2.7)
    irb (1.0.0)
    rack (2.0.7)
    rack-protection (2.0.5)
      rack
    redis (4.1.0)
    rspec (3.8.0)
      rspec-core (~> 3.8.0)
      rspec-expectations (~> 3.8.0)
      rspec-mocks (~> 3.8.0)
    rspec-core (3.8.0)
      rspec-support (~> 3.8.0)
    rspec-expectations (3.8.2)
      diff-lcs (>= 1.2.0, < 2.0)
      rspec-support (~> 3.8.0)
    rspec-mocks (3.8.0)
      diff-lcs (>= 1.2.0, < 2.0)
      rspec-support (~> 3.8.0)
    rspec-support (3.8.0)
    sidekiq (5.2.6)
      connection_pool (~> 2.2, >= 2.2.2)
      rack (>= 1.5.0)
      rack-protection (>= 1.5.0)
      redis (>= 3.3.5, < 5)
    thin (1.7.2)
      daemons (~> 1.0, >= 1.0.9)
      eventmachine (~> 1.0, >= 1.0.4)
      rack (>= 1, < 3)
    tilt (2.0.9)

PLATFORMS
  ruby

DEPENDENCIES
  byebug
  irb
  rack
  rspec
  sidekiq (~> 5.2)
  thin
  tilt

BUNDLED WITH
   1.17.2
